GEM
  remote: https://rubygems.org/
  specs:
    addressable (2.4.0)
    autoprefixer-rails (6.3.5)
      execjs
    colorator (0.1)
    commonjs (0.2.7)
    execjs (2.6.0)
    fastimage (2.0.0)
      addressable (~> 2)
    ffi (1.9.10)
    hike (1.2.3)
    jekyll (3.1.2)
      colorator (~> 0.1)
      jekyll-sass-converter (~> 1.0)
      jekyll-watch (~> 1.1)
      kramdown (~> 1.3)
      liquid (~> 3.0)
      mercenary (~> 0.3.3)
      rouge (~> 1.7)
      safe_yaml (~> 1.0)
    jekyll-assets (0.4.1)
      jekyll
      sprockets (~> 2.9)
    jekyll-sass-converter (1.4.0)
      sass (~> 3.4)
    jekyll-sitemap (0.10.0)
    jekyll-watch (1.3.1)
      listen (~> 3.0)
    kramdown (1.10.0)
    less (2.6.0)
      commonjs (~> 0.2.7)
    libv8 (3.16.14.13)
    liquid (3.0.6)
    listen (3.0.6)
      rb-fsevent (>= 0.9.3)
      rb-inotify (>= 0.9.7)
    mercenary (0.3.5)
    multi_json (1.11.2)
    rack (1.6.4)
    rb-fsevent (0.9.7)
    rb-inotify (0.9.7)
      ffi (>= 0.5.0)
    ref (2.0.0)
    rouge (1.10.1)
    safe_yaml (1.0.4)
    sass (3.4.22)
    sprockets (2.12.4)
      hike (~> 1.2)
      multi_json (~> 1.0)
      rack (~> 1.0)
      tilt (~> 1.1, != 1.3.0)
    sprockets-less (0.6.1)
      less (~> 2.4)
      tilt (~> 1.1)
    therubyracer (0.12.2)
      libv8 (~> 3.16.14.0)
      ref
    tilt (1.4.1)
    uglifier (3.0.0)
      execjs (>= 0.3.0, < 3)
    yui-compressor (0.12.0)

PLATFORMS
  ruby

DEPENDENCIES
  autoprefixer-rails
  fastimage
  jekyll (>= 3.0)
  jekyll-assets
  jekyll-sitemap
  sprockets-less
  therubyracer
  uglifier
  yui-compressor
